GEM
  remote: https://rubygems.org/
  specs:
    CFPropertyList (2.3.2)
    awesome_print (1.6.1)
    deep_merge (1.0.1)
    plister (0.1.1)
      CFPropertyList (~> 2.3)
      deep_merge (~> 1.0)

PLATFORMS
  java
  ruby

DEPENDENCIES
  CFPropertyList
  awesome_print
  deep_merge
  plister

BUNDLED WITH
   1.12.5
