GEM
  remote: https://rubygems.org/
  specs:
    CFPropertyList (2.3.2)
    ast (2.3.0)
    awesome_print (1.7.0)
    deep_merge (1.0.1)
    gemoji (2.1.0)
    osxsub (0.2.0)
    parser (2.3.1.2)
      ast (~> 2.2)
    plister (0.1.1)
      CFPropertyList (~> 2.3)
      deep_merge (~> 1.0)
    powerpack (0.1.1)
    rainbow (2.1.0)
    rubocop (0.41.2)
      parser (>= 2.3.1.1, < 3.0)
      powerpack (~> 0.1)
      rainbow (>= 1.99.1, < 3.0)
      ruby-progressbar (~> 1.7)
      unicode-display_width (~> 1.0, >= 1.0.1)
    ruby-progressbar (1.8.1)
    sqlite3 (1.3.11)
    unicode-display_width (1.1.0)

PLATFORMS
  java
  ruby

DEPENDENCIES
  CFPropertyList
  awesome_print
  deep_merge
  gemoji
  osxsub
  plister
  rubocop
  sqlite3

BUNDLED WITH
   1.12.5
